GEM
  remote: https://rubygems.org/
  specs:
    colorator (0.1)
    fastercsv (1.5.5)
    ffi (1.9.10)
    htmlentities (4.3.4)
    jekyll (3.1.1)
      colorator (~> 0.1)
      jekyll-sass-converter (~> 1.0)
      jekyll-watch (~> 1.1)
      kramdown (~> 1.3)
      liquid (~> 3.0)
      mercenary (~> 0.3.3)
      rouge (~> 1.7)
      safe_yaml (~> 1.0)
    jekyll-compose (0.4.1)
      jekyll (>= 2.5.0)
    jekyll-import (0.10.0)
      fastercsv
      jekyll (>= 1.4)
      nokogiri
    jekyll-sass-converter (1.4.0)
      sass (~> 3.4)
    jekyll-watch (1.3.1)
      listen (~> 3.0)
    kramdown (1.9.0)
    liquid (3.0.6)
    listen (3.0.6)
      rb-fsevent (>= 0.9.3)
      rb-inotify (>= 0.9.7)
    mercenary (0.3.5)
    mini_portile2 (2.0.0)
    mysql2 (0.4.2)
    nokogiri (1.6.7.2)
      mini_portile2 (~> 2.0.0.rc2)
    rake (10.5.0)
    rb-fsevent (0.9.7)
    rb-inotify (0.9.7)
      ffi (>= 0.5.0)
    rouge (1.10.1)
    safe_yaml (1.0.4)
    sass (3.4.21)
    sequel (4.31.0)
    unidecode (1.0.0)

PLATFORMS
  ruby

DEPENDENCIES
  htmlentities
  jekyll
  jekyll-compose
  jekyll-import
  mysql2
  rake
  sequel
  unidecode

BUNDLED WITH
   1.11.2
